GEM
  remote: http://rubygems.org/
  specs:
    httpclient (2.3.0.1)
    slop (3.0.4)

PLATFORMS
  ruby

DEPENDENCIES
  httpclient
  slop (~> 3.0.4)
